PATH
  remote: .
  specs:
    tabitha (0.1.0)
      async (~> 2.21.0)
      ruby_tree_sitter (~> 1.11.0)

GEM
  remote: https://rubygems.org/
  specs:
    async (2.21.1)
      console (~> 1.29)
      fiber-annotation
      io-event (~> 1.6, >= 1.6.5)
    coderay (1.1.3)
    console (1.29.2)
      fiber-annotation
      fiber-local (~> 1.1)
      json
    diff-lcs (1.5.1)
    fiber-annotation (0.2.0)
    fiber-local (1.1.0)
      fiber-storage
    fiber-storage (1.0.0)
    io-console (0.8.0)
    io-event (1.7.5)
    json (2.9.1)
    method_source (1.1.0)
    oppen (0.9.8)
    pry (0.15.2)
      coderay (~> 1.1)
      method_source (~> 1.0)
    rake (13.2.1)
    reline (0.6.0)
      io-console (~> 0.5)
    rspec (3.13.0)
      rspec-core (~> 3.13.0)
      rspec-expectations (~> 3.13.0)
      rspec-mocks (~> 3.13.0)
    rspec-core (3.13.2)
      rspec-support (~> 3.13.0)
    rspec-expectations (3.13.3)
      diff-lcs (>= 1.2.0, < 2.0)
      rspec-support (~> 3.13.0)
    rspec-its (2.0.0)
      rspec-core (>= 3.13.0)
      rspec-expectations (>= 3.13.0)
    rspec-mocks (3.13.2)
      diff-lcs (>= 1.2.0, < 2.0)
      rspec-support (~> 3.13.0)
    rspec-spies (1.2.9)
    rspec-support (3.13.2)
    ruby_tree_sitter (1.11.1)
      oppen (= 0.9.8)
      sorbet-runtime
      zeitwerk
    ruby_tree_sitter (1.11.1-x86_64-linux-gnu)
      oppen (= 0.9.8)
      sorbet-runtime
      zeitwerk
    sorbet-runtime (0.5.11761)
    zeitwerk (2.7.1)

PLATFORMS
  ruby
  x86_64-linux

DEPENDENCIES
  pry
  rake (~> 13.0)
  reline
  rspec
  rspec-its
  rspec-spies
  tabitha!

BUNDLED WITH
   2.5.22
